PATH
  remote: .
  specs:
    apricot (0.0.1)

GEM
  remote: https://rubygems.org/
  specs:
    diff-lcs (1.2.1)
    rake (10.0.3)
    rspec (2.13.0)
      rspec-core (~> 2.13.0)
      rspec-expectations (~> 2.13.0)
      rspec-mocks (~> 2.13.0)
    rspec-core (2.13.0)
    rspec-expectations (2.13.0)
      diff-lcs (>= 1.1.3, < 2.0)
    rspec-mocks (2.13.0)

PLATFORMS
  ruby

DEPENDENCIES
  apricot!
  rake (~> 10.0.3)
  rspec (~> 2.13.0)
