GEM
  remote: http://rubygems.org/
  specs:
    ansi (1.4.3)
    diff-lcs (1.1.3)
    rake (0.9.2.2)
    rexpl (0.0.1)
      ansi
    rspec (2.10.0)
      rspec-core (~> 2.10.0)
      rspec-expectations (~> 2.10.0)
      rspec-mocks (~> 2.10.0)
    rspec-core (2.10.1)
    rspec-expectations (2.10.0)
      diff-lcs (~> 1.1.3)
    rspec-mocks (2.10.1)

PLATFORMS
  ruby

DEPENDENCIES
  rake (~> 0.9.0)
  rexpl
  rspec (~> 2.10.0)
