PATH
  remote: .
  specs:
    apricot (0.0.1)
      redcard (~> 1.0)

GEM
  remote: https://rubygems.org/
  specs:
    diff-lcs (1.2.3)
    multi_json (1.3.6)
    rake (10.0.4)
    redcard (1.1.0)
    rspec (2.13.0)
      rspec-core (~> 2.13.0)
      rspec-expectations (~> 2.13.0)
      rspec-mocks (~> 2.13.0)
    rspec-core (2.13.1)
    rspec-expectations (2.13.0)
      diff-lcs (>= 1.1.3, < 2.0)
    rspec-mocks (2.13.1)
    simplecov (0.7.1)
      multi_json (~> 1.0)
      simplecov-html (~> 0.7.1)
    simplecov-html (0.7.1)

PLATFORMS
  ruby

DEPENDENCIES
  apricot!
  rake (~> 10.0.3)
  rspec (~> 2.13.0)
  simplecov (~> 0.7.0)
